{
	"ConversionSoftware": "dicm2nii.m 20200120",
	"SeriesNumber": 2,
	"SeriesDescription": "3DT1 SPGRE_192 z 192 x Te min full",
	"ImageType": ["ORIGINAL", "PRIMARY", "OTHER"],
	"Modality": "MR",
	"AcquisitionDateTime": "20111005151554",
	"RepetitionTime": 0.00776,
	"PhaseEncodingDirection": "j-",
	"EchoTime": 0.002948,
	"InversionTime": 0.5,
	"PatientName": "fMRI_111005_suppe_kk",
	"PatientAge": "000Y",
	"PatientWeight": 90,
	"PatientPosition": "HFS",
	"SliceThickness": 1,
	"FlipAngle": 14,
	"Manufacturer": "GE MEDICAL SYSTEMS",
	"SoftwareVersion": "24\\LX\\MR Software release:HD16.0_V01_1108.b",
	"MRAcquisitionType": "3D",
	"InstitutionName": "Haukeland universitetssjukehus",
	"DeviceSerialNumber": "000000NO1011MR01",
	"ScanningSequence": "GR",
	"SequenceVariant": "SS\\SP\\SK",
	"ScanOptions": "FAST_GEMS\\EDR_GEMS",
	"SequenceName": "EFGRE3D"
}
